STORAGE: NONE
RESTRICTION: || (== net5.0) (== netstandard2.0) (== netstandard2.1)
NUGET
  remote: https://api.nuget.org/v3/index.json
    FSharp.Core (6.0.1)
    FSharpPlus (1.2.2)
      FSharp.Core (>= 4.6.2)
    Newtonsoft.Json (13.0.1)
